PATH
  remote: vendor/extensions
  specs:
    refinerycms-people (1.0)
      refinerycms-core (~> 2.1.2)

GEM
  remote: https://rubygems.org/
  specs:
    actionmailer (3.2.16)
      actionpack (= 3.2.16)
      mail (~> 2.5.4)
    actionpack (3.2.16)
      activemodel (= 3.2.16)
      activesupport (= 3.2.16)
      builder (~> 3.0.0)
      erubis (~> 2.7.0)
      journey (~> 1.0.4)
      rack (~> 1.4.5)
      rack-cache (~> 1.2)
      rack-test (~> 0.6.1)
      sprockets (~> 2.2.1)
    activemodel (3.2.16)
      activesupport (= 3.2.16)
      builder (~> 3.0.0)
    activerecord (3.2.16)
      activemodel (= 3.2.16)
      activesupport (= 3.2.16)
      arel (~> 3.0.2)
      tzinfo (~> 0.3.29)
    activeresource (3.2.16)
      activemodel (= 3.2.16)
      activesupport (= 3.2.16)
    activesupport (3.2.16)
      i18n (~> 0.6, >= 0.6.4)
      multi_json (~> 1.0)
    acts-as-taggable-on (3.2.3)
      actionpack (>= 3, < 5)
      activerecord (>= 3, < 5)
    acts_as_indexed (0.8.3)
    arel (3.0.3)
    awesome_nested_set (2.1.6)
      activerecord (>= 3.0.0)
    babosa (0.3.11)
    bcrypt (3.1.7)
    bcrypt-ruby (3.1.5)
      bcrypt (>= 3.1.3)
    builder (3.0.4)
    coffee-rails (3.2.2)
      coffee-script (>= 2.2.0)
      railties (~> 3.2.0)
    coffee-script (2.2.0)
      coffee-script-source
      execjs
    coffee-script-source (1.7.0)
    decorators (1.0.3)
      railties (>= 3.0.19, != 3.2.9, != 3.2.8, != 3.2.7, != 3.2.6, != 3.2.5, != 3.2.4, != 3.2.3, != 3.2.2, != 3.2.10, != 3.2.1, != 3.2.0, != 3.1.9, != 3.1.8, != 3.1.7, != 3.1.6, != 3.1.5, != 3.1.4, != 3.1.3, != 3.1.2, != 3.1.1, != 3.1.0)
    devise (2.2.8)
      bcrypt-ruby (~> 3.0)
      orm_adapter (~> 0.1)
      railties (~> 3.1)
      warden (~> 1.2.1)
    dragonfly (0.9.15)
      multi_json (~> 1.0)
      rack
    erubis (2.7.0)
    execjs (2.1.0)
    filters_spam (0.4)
    friendly_id (4.0.10.1)
      activerecord (>= 3.0, < 4.0)
    globalize (3.1.0)
      activemodel (>= 3.1.0, < 4.0.0)
      activerecord (>= 3.1.0, < 4.0.0)
    hike (1.2.3)
    i18n (0.6.9)
    journey (1.0.4)
    jquery-rails (2.3.0)
      railties (>= 3.0, < 5.0)
      thor (>= 0.14, < 2.0)
    jquery-turbolinks (2.0.1)
      railties (>= 3.1.0)
      turbolinks
    json (1.8.1)
    kgio (2.8.1)
    libv8 (3.16.14.3)
    mail (2.5.4)
      mime-types (~> 1.16)
      treetop (~> 1.4.8)
    mime-types (1.25.1)
    multi_json (1.10.1)
    orm_adapter (0.5.0)
    polyglot (0.3.5)
    rack (1.4.5)
    rack-cache (1.2)
      rack (>= 0.4)
    rack-ssl (1.3.4)
      rack
    rack-test (0.6.2)
      rack (>= 1.0)
    rails (3.2.16)
      actionmailer (= 3.2.16)
      actionpack (= 3.2.16)
      activerecord (= 3.2.16)
      activeresource (= 3.2.16)
      activesupport (= 3.2.16)
      bundler (~> 1.0)
      railties (= 3.2.16)
    rails-i18n (0.7.4)
      i18n (~> 0.5)
    rails_autolink (1.0.9)
      rails (~> 3.1)
    railties (3.2.16)
      actionpack (= 3.2.16)
      activesupport (= 3.2.16)
      rack-ssl (~> 1.3.2)
      rake (>= 0.8.7)
      rdoc (~> 3.4)
      thor (>= 0.14.6, < 2.0)
    raindrops (0.12.0)
    rake (10.3.2)
    rdoc (3.12.2)
      json (~> 1.4)
    ref (1.0.5)
    refinerycms (2.1.2)
      bundler (>= 1.2.2, < 2.0)
      refinerycms-authentication (= 2.1.2)
      refinerycms-core (= 2.1.2)
      refinerycms-dashboard (= 2.1.2)
      refinerycms-images (= 2.1.2)
      refinerycms-pages (= 2.1.2)
      refinerycms-resources (= 2.1.2)
    refinerycms-acts-as-indexed (1.0.0)
      acts_as_indexed (~> 0.8.0)
      refinerycms-core (~> 2.1.0)
    refinerycms-authentication (2.1.2)
      actionmailer (>= 3.1.11, < 3.3, != 3.2.9, != 3.2.8, != 3.2.7, != 3.2.6, != 3.2.5, != 3.2.4, != 3.2.3, != 3.2.2, != 3.2.11, != 3.2.10, != 3.2.1, != 3.2.0)
      devise (~> 2.2.3)
      refinerycms-core (= 2.1.2)
    refinerycms-blog (2.1.0)
      acts-as-taggable-on
      filters_spam (~> 0.2)
      friendly_id (~> 4.0.4)
      rails_autolink (~> 1.0.7)
      refinerycms-core (~> 2.1.0)
      refinerycms-settings (~> 2.1.0)
      seo_meta (~> 1.4.0)
    refinerycms-copywriting (2.0.3)
    refinerycms-core (2.1.2)
      actionpack (>= 3.1.11, < 3.3, != 3.2.9, != 3.2.8, != 3.2.7, != 3.2.6, != 3.2.5, != 3.2.4, != 3.2.3, != 3.2.2, != 3.2.11, != 3.2.10, != 3.2.1, != 3.2.0)
      activerecord (>= 3.1.11, < 3.3, != 3.2.9, != 3.2.8, != 3.2.7, != 3.2.6, != 3.2.5, != 3.2.4, != 3.2.3, != 3.2.2, != 3.2.11, != 3.2.10, != 3.2.1, != 3.2.0)
      awesome_nested_set (~> 2.1.3)
      decorators (~> 1.0.0)
      jquery-rails (~> 2.3.0)
      railties (>= 3.1.11, < 3.3, != 3.2.9, != 3.2.8, != 3.2.7, != 3.2.6, != 3.2.5, != 3.2.4, != 3.2.3, != 3.2.2, != 3.2.11, != 3.2.10, != 3.2.1, != 3.2.0)
      refinerycms-i18n (~> 2.1.0)
      sass-rails (~> 3.2.3)
      truncate_html (~> 0.9)
      will_paginate (~> 3.0.2)
    refinerycms-dashboard (2.1.2)
      refinerycms-core (= 2.1.2)
    refinerycms-i18n (2.1.0)
      rails-i18n (~> 0.7.3)
      routing-filter (~> 0.3.0)
    refinerycms-images (2.1.2)
      dragonfly (~> 0.9.14)
      refinerycms-core (= 2.1.2)
    refinerycms-news (2.1.2)
      friendly_id (~> 4.0.9)
      refinerycms-core (~> 2.1.1)
      refinerycms-settings (~> 2.1.0)
    refinerycms-page-images (2.1.0)
      refinerycms-pages (~> 2.1.0)
    refinerycms-pages (2.1.2)
      awesome_nested_set (~> 2.1.3)
      babosa (!= 0.3.6)
      friendly_id (~> 4.0.9)
      globalize (~> 3.1.0)
      refinerycms-core (= 2.1.2)
      seo_meta (~> 1.4.0)
    refinerycms-resources (2.1.2)
      acts_as_indexed (~> 0.8.0)
      dragonfly (~> 0.9.12)
      refinerycms-core (= 2.1.2)
    refinerycms-settings (2.1.1)
      refinerycms-core (~> 2.1.1)
    routing-filter (0.3.1)
      actionpack
    sass (3.3.8)
    sass-rails (3.2.6)
      railties (~> 3.2.0)
      sass (>= 3.1.10)
      tilt (~> 1.3)
    seo_meta (1.4.0)
      railties (>= 3.0.0)
    slim (2.0.2)
      temple (~> 0.6.6)
      tilt (>= 1.3.3, < 2.1)
    sprockets (2.2.2)
      hike (~> 1.2)
      multi_json (~> 1.0)
      rack (~> 1.0)
      tilt (~> 1.1, != 1.3.0)
    sqlite3 (1.3.9)
    temple (0.6.7)
    therubyracer (0.12.1)
      libv8 (~> 3.16.14.0)
      ref
    thor (0.19.1)
    tilt (1.4.1)
    treetop (1.4.15)
      polyglot
      polyglot (>= 0.3.1)
    truncate_html (0.9.2)
    turbolinks (2.2.2)
      coffee-rails
    tzinfo (0.3.39)
    uglifier (2.5.0)
      execjs (>= 0.3.0)
      json (>= 1.8.0)
    unicorn (4.7.0)
      kgio (~> 2.6)
      rack
      raindrops (~> 0.7)
    warden (1.2.3)
      rack (>= 1.0)
    will_paginate (3.0.5)

PLATFORMS
  ruby

DEPENDENCIES
  coffee-rails (~> 3.2.1)
  execjs
  jquery-rails
  jquery-turbolinks
  libv8
  rails (= 3.2.16)
  refinerycms (~> 2.1.2)
  refinerycms-acts-as-indexed (~> 1.0.0)
  refinerycms-blog (~> 2.1.0)
  refinerycms-copywriting
  refinerycms-i18n
  refinerycms-news (~> 2.1.0)
  refinerycms-page-images (~> 2.1.0)
  refinerycms-people!
  sass-rails (~> 3.2.3)
  slim
  sqlite3
  therubyracer
  turbolinks
  uglifier (>= 1.0.3)
  unicorn
